GEM
  remote: https://rubygems.org/
  specs:
    cpf_cnpj (1.0.1)

PLATFORMS
  x64-mingw-ucrt

DEPENDENCIES
  cpf_cnpj (~> 1.0, >= 1.0.1)

BUNDLED WITH
   2.5.23
